GEM
  remote: https://rubygems.org/
  specs:
    dotenv (3.1.1)
    pg (1.5.6)

PLATFORMS
  x86_64-linux-musl

DEPENDENCIES
  dotenv
  pg

BUNDLED WITH
   2.5.9
